GEM
  remote: http://rubygems.org/
  specs:
    addressable (2.2.6)
    excon (0.6.5)
    faraday (0.7.4)
      addressable (~> 2.2.6)
      multipart-post (~> 1.1.0)
      rack (>= 1.1.0, < 2)
    multipart-post (1.1.3)
    rack (1.3.2)
    yajl-ruby (0.8.3)

PLATFORMS
  ruby

DEPENDENCIES
  excon
  faraday
  yajl-ruby
