GEM
  remote: http://rubygems.org/
  specs:
    addressable (2.2.7)
    excon (0.5.8)
    faraday (0.5.7)
      addressable (~> 2.2.4)
      multipart-post (~> 1.1.0)
      rack (>= 1.1.0, < 2)
    multipart-post (1.1.5)
    rack (1.4.1)
    yajl-ruby (0.8.3)

PLATFORMS
  ruby

DEPENDENCIES
  excon (~> 0.5.6)
  faraday (~> 0.5.7)
  yajl-ruby
